GIT
  remote: git://github.com/gusaaaaa/dream_cheeky.git
  revision: e4867f6233122b64397693f1b37245e077cdcc0b
  branch: linux_support
  specs:
    dream_cheeky (0.2.0)
      pkg-config

GIT
  remote: git://github.com/jontg/sonos.git
  revision: 4bb7dc84c1bcd523e341335f04e2e04191eb6ccb
  branch: master
  specs:
    sonos (0.3.0)
      nokogiri
      savon (~> 2.0.2)
      thor

GEM
  remote: https://rubygems.org/
  specs:
    akami (1.2.0)
      gyoku (>= 0.4.0)
      nokogiri (>= 1.4.0)
    builder (3.1.4)
    gyoku (1.0.0)
      builder (>= 2.1.2)
    hipchat (0.7.0)
      httparty
      httparty
    httparty (0.10.2)
      multi_json (~> 1.0)
      multi_xml (>= 0.5.2)
    httpi (2.0.2)
      rack
    multi_json (1.5.1)
    multi_xml (0.5.3)
    nokogiri (1.5.6)
    nori (2.0.3)
    pkg-config (1.1.4)
    rack (1.5.2)
    savon (2.0.3)
      akami (~> 1.2.0)
      builder (>= 2.1.2)
      gyoku (~> 1.0.0)
      httpi (~> 2.0.0)
      nokogiri (>= 1.4.0)
      nori (~> 2.0.3)
      wasabi (~> 3.0.0)
    thor (0.17.0)
    wasabi (3.0.0)
      httpi (~> 2.0)
      nokogiri (>= 1.4.0)

PLATFORMS
  ruby

DEPENDENCIES
  dream_cheeky!
  hipchat (~> 0.7.0)
  sonos!
